PATH
  remote: .
  specs:
    hello_anderson (0.0.0)

GEM
  remote: https://rubygems.org/
  specs:

PLATFORMS
  ruby

DEPENDENCIES
  hello_anderson!

BUNDLED WITH
   1.11.2
